GEM
  remote: https://rubygems.org/
  specs:
    activesupport (6.1.7.1)
      concurrent-ruby (~> 1.0, >= 1.0.2)
      i18n (>= 1.6, < 2)
      minitest (>= 5.1)
      tzinfo (~> 2.0)
      zeitwerk (~> 2.3)
    ast (2.4.0)
    coderay (1.1.2)
    concurrent-ruby (1.1.10)
    coveralls (0.8.23)
      json (>= 1.8, < 3)
      simplecov (~> 0.16.1)
      term-ansicolor (~> 1.3)
      thor (>= 0.19.4, < 2.0)
      tins (~> 1.6)
    docile (1.3.2)
    factory_bot (5.1.1)
      activesupport (>= 4.2.0)
    i18n (1.12.0)
      concurrent-ruby (~> 1.0)
    jaro_winkler (1.5.4)
    json (2.2.0)
    method_source (0.9.2)
    minitest (5.13.0)
    parallel (1.19.1)
    parser (2.6.5.0)
      ast (~> 2.4.0)
    power_assert (1.1.5)
    pry (0.12.2)
      coderay (~> 1.1.0)
      method_source (~> 0.9.0)
    rack (2.0.7)
    rack-test (1.1.0)
      rack (>= 1.0, < 3)
    rainbow (3.0.0)
    rake (13.0.1)
    require_all (3.0.0)
    rubocop (0.77.0)
      jaro_winkler (~> 1.5.1)
      parallel (~> 1.10)
      parser (>= 2.6)
      rainbow (>= 2.2.2, < 4.0)
      ruby-progressbar (~> 1.7)
      unicode-display_width (>= 1.4.0, < 1.7)
    ruby-progressbar (1.10.1)
    simplecov (0.16.1)
      docile (~> 1.1)
      json (>= 1.8, < 3)
      simplecov-html (~> 0.10.0)
    simplecov-html (0.10.2)
    term-ansicolor (1.7.1)
      tins (~> 1.0)
    test-unit (3.3.4)
      power_assert
    thor (0.20.3)
    tins (1.22.2)
    tzinfo (2.0.5)
      concurrent-ruby (~> 1.0)
    unicode-display_width (1.6.0)
    zeitwerk (2.6.6)

PLATFORMS
  ruby

DEPENDENCIES
  coveralls
  factory_bot
  json
  minitest
  pry
  rack
  rack-test
  rake
  require_all
  rubocop
  test-unit

RUBY VERSION
   ruby 2.6.3p62

BUNDLED WITH
   1.17.2
